GEM
  remote: https://rubygems.org/
  specs:
    rack (3.0.8)
    rackup (2.1.0)
      rack (>= 3)
      webrick (~> 1.8)
    rmodbus (1.3.3)
    webrick (1.8.1)

PLATFORMS
  x86_64-linux

DEPENDENCIES
  rack
  rackup
  rmodbus
  webrick

BUNDLED WITH
   2.4.7
